GEM
  remote: https://rubygems.org/
  specs:
    ast (2.4.0)
    jaro_winkler (1.5.4)
    parallel (1.19.1)
    parser (2.7.0.1)
      ast (~> 2.4.0)
    rainbow (3.0.0)
    rubocop (0.78.0)
      jaro_winkler (~> 1.5.1)
      parallel (~> 1.10)
      parser (>= 2.6)
      rainbow (>= 2.2.2, < 4.0)
      ruby-progressbar (~> 1.7)
      unicode-display_width (>= 1.4.0, < 1.7)
    ruby-progressbar (1.10.1)
    sorbet (0.5.5200)
      sorbet-static (= 0.5.5200)
    sorbet-runtime (0.5.5200)
    sorbet-static (0.5.5200-universal-darwin-14)
    unicode-display_width (1.6.0)
    yard (0.9.22)

PLATFORMS
  ruby

DEPENDENCIES
  rubocop (~> 0.78.0)
  sorbet (~> 0.5.5200)
  sorbet-runtime (~> 0.5.5200)
  yard (~> 0.9.22)

BUNDLED WITH
   2.1.2
