GEM
  remote: https://rubygems.org/
  specs:
    ast (2.4.0)
    codecov (0.1.16)
      json
      simplecov
      url
    diff-lcs (1.3)
    docile (1.3.2)
    jaro_winkler (1.5.4)
    json (2.3.0)
    parallel (1.19.1)
    parser (2.7.0.1)
      ast (~> 2.4.0)
    rainbow (3.0.0)
    rake (13.0.1)
    rspec (3.9.0)
      rspec-core (~> 3.9.0)
      rspec-expectations (~> 3.9.0)
      rspec-mocks (~> 3.9.0)
    rspec-core (3.9.1)
      rspec-support (~> 3.9.1)
    rspec-expectations (3.9.0)
      diff-lcs (>= 1.2.0, < 2.0)
      rspec-support (~> 3.9.0)
    rspec-mocks (3.9.1)
      diff-lcs (>= 1.2.0, < 2.0)
      rspec-support (~> 3.9.0)
    rspec-support (3.9.2)
    rubocop (0.78.0)
      jaro_winkler (~> 1.5.1)
      parallel (~> 1.10)
      parser (>= 2.6)
      rainbow (>= 2.2.2, < 4.0)
      ruby-progressbar (~> 1.7)
      unicode-display_width (>= 1.4.0, < 1.7)
    ruby-progressbar (1.10.1)
    simplecov (0.17.1)
      docile (~> 1.1)
      json (>= 1.8, < 3)
      simplecov-html (~> 0.10.0)
    simplecov-html (0.10.2)
    sorbet (0.5.5200)
      sorbet-static (= 0.5.5200)
    sorbet-runtime (0.5.5200)
    sorbet-static (0.5.5200-universal-darwin-19)
    unicode-display_width (1.6.0)
    url (0.3.2)
    yard (0.9.22)

PLATFORMS
  ruby

DEPENDENCIES
  codecov (~> 0.1.16)
  rake (~> 13.0)
  rspec (~> 3.9)
  rubocop (~> 0.78.0)
  simplecov (~> 0.17.1)
  sorbet (~> 0.5.5200)
  sorbet-runtime (~> 0.5.5200)
  yard (~> 0.9.22)

BUNDLED WITH
   2.1.2
